GEM
  remote: https://rubygems.org/
  specs:
    mail (2.6.4)
      mime-types (>= 1.16, < 4)
    mime-types (3.1)
      mime-types-data (~> 3.2015)
    mime-types-data (3.2016.0521)
    pony (1.11)
      mail (>= 2.0)

PLATFORMS
  java
  ruby

DEPENDENCIES
  pony (~> 1.11)

RUBY VERSION
   ruby 2.2.4p230

BUNDLED WITH
   1.12.5
